GEM
  remote: https://rubygems.org/
  specs:
    aws-eventstream (1.0.3)
    aws-partitions (1.226.0)
    aws-sdk-core (3.69.1)
      aws-eventstream (~> 1.0, >= 1.0.2)
      aws-partitions (~> 1.0)
      aws-sigv4 (~> 1.1)
      jmespath (~> 1.0)
    aws-sdk-ecr (1.20.0)
      aws-sdk-core (~> 3, >= 3.61.1)
      aws-sigv4 (~> 1.1)
    aws-sigv4 (1.1.0)
      aws-eventstream (~> 1.0, >= 1.0.2)
    docker-api (1.34.2)
      excon (>= 0.47.0)
      multi_json
    excon (0.71.0)
    jimuguri (0.1.1)
    jmespath (1.4.0)
    multi_json (1.14.1)

PLATFORMS
  ruby

DEPENDENCIES
  aws-sdk-ecr
  docker-api
  jimuguri

BUNDLED WITH
   1.17.3
